GEM
  remote: https://rubygems.org/
  specs:
    haml (6.3.0)
      temple (>= 0.8.2)
      thor
      tilt
    nio4r (2.7.4)
    puma (6.4.3)
      nio4r (~> 2.0)
    rack (3.0.14)
    rake (13.1.0)
    temple (0.10.3)
    thor (1.3.1)
    tilt (2.3.0)

PLATFORMS
  x86_64-linux

DEPENDENCIES
  haml
  puma
  rack
  rake

RUBY VERSION
   ruby 3.3.0p0

BUNDLED WITH
   2.5.7
